PATH
  remote: .
  specs:
    sequel-revisions (0.2.5)
      sequel (~> 4)
      sequel-json (~> 0)
      sequel_polymorphic

GEM
  remote: https://rubygems.org/
  specs:
    diff-lcs (1.2.5)
    rake (10.5.0)
    rspec (3.4.0)
      rspec-core (~> 3.4.0)
      rspec-expectations (~> 3.4.0)
      rspec-mocks (~> 3.4.0)
    rspec-core (3.4.2)
      rspec-support (~> 3.4.0)
    rspec-expectations (3.4.0)
      diff-lcs (>= 1.2.0, < 2.0)
      rspec-support (~> 3.4.0)
    rspec-mocks (3.4.1)
      diff-lcs (>= 1.2.0, < 2.0)
      rspec-support (~> 3.4.0)
    rspec-support (3.4.1)
    sequel (4.49.0)
    sequel-json (0.0.1)
      sequel
      yajl-ruby
    sequel_polymorphic (0.2.2)
      sequel (~> 4.0)
    sqlite3 (1.3.11)
    yajl-ruby (1.2.1)

PLATFORMS
  ruby

DEPENDENCIES
  rake (~> 10)
  rspec (~> 3)
  sequel-revisions!
  sqlite3 (~> 1)

BUNDLED WITH
   1.15.3
