PATH
  remote: .
  specs:
    sequel-revisions (0.1.0)
      sequel (~> 4)
      sequel-json (~> 0)

GEM
  remote: https://rubygems.org/
  specs:
    ffi (1.9.10)
    rspec (0.9.4)
    sequel (4.30.0)
    sequel-json (0.0.1)
      sequel
      yajl-ruby
    sqlite3 (0.1.1)
      ffi (>= 0.6.3)
    yajl-ruby (1.2.1)

PLATFORMS
  ruby

DEPENDENCIES
  rspec (~> 0)
  sequel-revisions!
  sqlite3 (~> 0)
