PATH
  remote: .
  specs:
    sequel-revisions (0.1.1)
      sequel (~> 4)
      sequel-json (~> 0)

GEM
  remote: https://rubygems.org/
  specs:
    diff-lcs (1.2.5)
    ffi (1.9.10)
    rspec (3.4.0)
      rspec-core (~> 3.4.0)
      rspec-expectations (~> 3.4.0)
      rspec-mocks (~> 3.4.0)
    rspec-core (3.4.2)
      rspec-support (~> 3.4.0)
    rspec-expectations (3.4.0)
      diff-lcs (>= 1.2.0, < 2.0)
      rspec-support (~> 3.4.0)
    rspec-mocks (3.4.1)
      diff-lcs (>= 1.2.0, < 2.0)
      rspec-support (~> 3.4.0)
    rspec-support (3.4.1)
    sequel (4.31.0)
    sequel-json (0.0.1)
      sequel
      yajl-ruby
    sqlite3 (0.1.1)
      ffi (>= 0.6.3)
    yajl-ruby (1.2.1)

PLATFORMS
  ruby

DEPENDENCIES
  rspec (~> 3)
  sequel-revisions!
  sqlite3 (~> 0)

BUNDLED WITH
   1.11.2
